GEM
  remote: http://ruby.taobao.org/
  specs:
    bindata (1.4.5)
    colored (1.2)
    domain_name (0.5.11)
      unf (>= 0.0.5, < 1.0.0)
    filesize (0.0.2)
    htmlentities (4.3.1)
    mechanize (2.6.0)
      domain_name (~> 0.5, >= 0.5.1)
      mime-types (~> 1.17, >= 1.17.2)
      net-http-digest_auth (~> 1.1, >= 1.1.1)
      net-http-persistent (~> 2.5, >= 2.5.2)
      nokogiri (~> 1.4)
      ntlm-http (~> 0.1, >= 0.1.1)
      webrobots (>= 0.0.9, < 0.2)
    mime-types (1.23)
    net-http-digest_auth (1.3)
    net-http-persistent (2.8)
    nokogiri (1.5.9)
    ntlm-http (0.1.1)
    qqwry (0.0.3)
      bindata
    rchardet19 (1.3.5)
    unf (0.1.1)
      unf_ext
    unf_ext (0.0.6)
    webrobots (0.1.1)

PLATFORMS
  ruby

DEPENDENCIES
  colored
  filesize
  htmlentities
  mechanize
  qqwry
  rchardet19
